GEM
  remote: https://rubygems.org/
  specs:
    addressable (2.3.8)
    concurrent-ruby (1.0.0)
    css_parser (1.3.7)
      addressable
    diff-lcs (1.2.5)
    htmlentities (4.3.4)
    mail (2.6.3)
      mime-types (>= 1.16, < 3)
    mime-types (2.99)
    mini_portile (0.6.2)
    nokogiri (1.6.6.4)
      mini_portile (~> 0.6.0)
    pakyow (0.10.2)
      bundler (~> 1.10)
      pakyow-core (= 0.10.2)
      pakyow-mailer (= 0.10.2)
      pakyow-presenter (= 0.10.2)
      pakyow-rake (= 0.10.2)
      pakyow-realtime (= 0.10.2)
      pakyow-support (= 0.10.2)
      pakyow-test (= 0.10.2)
      pakyow-ui (= 0.10.2)
    pakyow-core (0.10.2)
      pakyow-support (= 0.10.2)
      rack (~> 1.6)
    pakyow-mailer (0.10.2)
      mail (~> 2.6)
      pakyow-core (= 0.10.2)
      pakyow-presenter (= 0.10.2)
      pakyow-support (= 0.10.2)
      premailer (~> 1.8)
    pakyow-presenter (0.10.2)
      nokogiri (~> 1.6)
      pakyow-core (= 0.10.2)
      pakyow-support (= 0.10.2)
    pakyow-rake (0.10.2)
      pakyow-core (= 0.10.2)
      pakyow-presenter (= 0.10.2)
      pakyow-support (= 0.10.2)
      rake (~> 10.4)
    pakyow-realtime (0.10.2)
      concurrent-ruby (~> 1.0)
      pakyow-core (= 0.10.2)
      pakyow-support (= 0.10.2)
      redis (~> 3.2)
      websocket_parser (~> 1.0)
    pakyow-support (0.10.2)
    pakyow-test (0.10.2)
      pakyow-core (= 0.10.2)
      pakyow-mailer (= 0.10.2)
      pakyow-presenter (= 0.10.2)
      pakyow-support (= 0.10.2)
    pakyow-ui (0.10.2)
      pakyow-core (= 0.10.2)
      pakyow-presenter (= 0.10.2)
      pakyow-realtime (= 0.10.2)
      pakyow-support (= 0.10.2)
    pg (0.18.4)
    premailer (1.8.6)
      css_parser (>= 1.3.6)
      htmlentities (>= 4.0.0)
    puma (2.15.3)
    rack (1.6.4)
    rake (10.4.2)
    redis (3.2.2)
    rspec (3.4.0)
      rspec-core (~> 3.4.0)
      rspec-expectations (~> 3.4.0)
      rspec-mocks (~> 3.4.0)
    rspec-core (3.4.1)
      rspec-support (~> 3.4.0)
    rspec-expectations (3.4.0)
      diff-lcs (>= 1.2.0, < 2.0)
      rspec-support (~> 3.4.0)
    rspec-mocks (3.4.0)
      diff-lcs (>= 1.2.0, < 2.0)
      rspec-support (~> 3.4.0)
    rspec-support (3.4.1)
    sequel (4.28.0)
    websocket_parser (1.0.0)

PLATFORMS
  ruby

DEPENDENCIES
  pakyow (~> 0.10)
  pg
  puma
  rspec
  sequel
  thin

BUNDLED WITH
   1.10.6
